GEM
  remote: https://rubygems.org/
  specs:
    daemons (1.1.9)
    diff-lcs (1.2.5)
    docile (1.1.5)
    domain_name (0.5.23)
      unf (>= 0.0.5, < 1.0.0)
    eventmachine (1.0.3)
    http-cookie (1.0.2)
      domain_name (~> 0.5)
    json (1.8.2)
    mime-types (2.4.3)
    mini_portile (0.6.2)
    multi_json (1.11.0)
    netrc (0.10.3)
    nokogiri (1.6.6.2)
      mini_portile (~> 0.6.0)
    rack (1.5.2)
    rack-protection (1.5.0)
      rack
    rest-client (1.8.0)
      http-cookie (>= 1.0.2, < 2.0)
      mime-types (>= 1.16, < 3.0)
      netrc (~> 0.7)
    rspec (3.2.0)
      rspec-core (~> 3.2.0)
      rspec-expectations (~> 3.2.0)
      rspec-mocks (~> 3.2.0)
    rspec-core (3.2.3)
      rspec-support (~> 3.2.0)
    rspec-expectations (3.2.1)
      diff-lcs (>= 1.2.0, < 2.0)
      rspec-support (~> 3.2.0)
    rspec-mocks (3.2.1)
      diff-lcs (>= 1.2.0, < 2.0)
      rspec-support (~> 3.2.0)
    rspec-support (3.2.2)
    simplecov (0.9.2)
      docile (~> 1.1.0)
      multi_json (~> 1.0)
      simplecov-html (~> 0.9.0)
    simplecov-csv (0.1.3)
      simplecov
    simplecov-html (0.9.0)
    sinatra (1.4.3)
      rack (~> 1.4)
      rack-protection (~> 1.4)
      tilt (~> 1.3, >= 1.3.4)
    thin (1.5.1)
      daemons (>= 1.0.9)
      eventmachine (>= 0.12.6)
      rack (>= 1.0.0)
    tilt (1.4.1)
    unf (0.1.4)
      unf_ext
    unf_ext (0.0.6)

PLATFORMS
  ruby

DEPENDENCIES
  json
  nokogiri
  rest-client
  rspec
  simplecov
  simplecov-csv
  sinatra
  thin
